GEM
  remote: http://rubygems.org/
  specs:
    addressable (2.2.6)
    adsf (1.0.1)
      rack (>= 1.0.0)
    builder (3.0.0)
    coderay (1.0.5)
    cri (2.1.0)
    faraday (0.7.5)
      addressable (~> 2.2.6)
      multipart-post (~> 1.1.3)
      rack (>= 1.1.0, < 2)
    faraday_middleware (0.7.0)
      faraday (~> 0.7.3)
    haml (3.1.4)
    hashie (1.2.0)
    kramdown (0.13.4)
    mime-types (1.17.2)
    mini_portile2 (2.4.0)
    multi_json (1.0.4)
    multipart-post (1.1.4)
    nanoc (3.3.0)
      cri (~> 2.1)
    nokogiri (1.10.8)
      mini_portile2 (~> 2.4.0)
    octokit (0.6.5)
      addressable (~> 2.2.6)
      faraday (~> 0.7.4)
      faraday_middleware (~> 0.7.0)
      hashie (~> 1.2.0)
      multi_json (~> 1.0.2)
    rack (1.4.1)
    sass (3.1.15)
    yajl-ruby (1.1.0)

PLATFORMS
  ruby

DEPENDENCIES
  adsf
  builder
  coderay
  haml
  kramdown
  mime-types
  nanoc
  nokogiri
  octokit
  sass
  yajl-ruby
